GEM
  remote: https://rubygems.org/
  specs:
    chunky_png (1.3.1)
    compass (0.12.7)
      chunky_png (~> 1.2)
      fssm (>= 0.2.7)
      sass (~> 3.2.19)
    fssm (0.2.10)
    sass (3.2.19)
    wunderfront (0.0.1)
      compass (>= 0.12.1)
      sass (>= 3.2.3)

PLATFORMS
  ruby

DEPENDENCIES
  wunderfront (= 0.0.1)
